NUGET
  remote: https://www.nuget.org/api/v2
  specs:
    Akka (1.1.2)
      Newtonsoft.Json (>= 9.0.1)
      System.Collections.Immutable (>= 1.1.36)
    Akka.FSharp (1.1.2)
      Akka (>= 1.1.2)
      FsPickler (>= 1.2.21)
      FSPowerPack.Core.Community (>= 3.0.0)
      FSPowerPack.Linq.Community (>= 3.0.0)
    Akka.Serialization.Wire (1.1.1.28-beta)
      Akka (>= 1.1.1)
      Wire (>= 0.0.6)
    FSharp.Core (4.0.0.1) - redirects: force
    FsPickler (1.8.1)
    FSPowerPack.Core.Community (3.0.0)
    FSPowerPack.Linq.Community (3.0.0)
      FSPowerPack.Core.Community
    Microsoft.CSharp (4.0.1)
      System.Collections (>= 4.0.11)
      System.Diagnostics.Debug (>= 4.0.11)
      System.Dynamic.Runtime (>= 4.0.11)
      System.Globalization (>= 4.0.11)
      System.Linq (>= 4.1.0)
      System.Linq.Expressions (>= 4.1.0)
      System.ObjectModel (>= 4.0.12)
      System.Reflection (>= 4.1.0)
      System.Reflection.Extensions (>= 4.0.1)
      System.Reflection.Primitives (>= 4.0.1)
      System.Reflection.TypeExtensions (>= 4.1.0)
      System.Resources.ResourceManager (>= 4.0.1)
      System.Runtime (>= 4.1.0)
      System.Runtime.Extensions (>= 4.1.0)
      System.Runtime.InteropServices (>= 4.1.0)
      System.Threading (>= 4.0.11)
    Microsoft.NETCore.Platforms (1.0.1)
    Microsoft.NETCore.Targets (1.0.1)
    Microsoft.Win32.Primitives (4.0.1)
      Microsoft.NETCore.Platforms (>= 1.0.1)
      Microsoft.NETCore.Targets (>= 1.0.1)
      System.Runtime (>= 4.1.0)
    Newtonsoft.Json (9.0.1)
      Microsoft.CSharp (>= 4.0.1)
      System.Collections (>= 4.0.11)
      System.Diagnostics.Debug (>= 4.0.11)
      System.Dynamic.Runtime (>= 4.0.11)
      System.Globalization (>= 4.0.11)
      System.IO (>= 4.1.0)
      System.Linq (>= 4.1.0)
      System.Linq.Expressions (>= 4.1.0)
      System.ObjectModel (>= 4.0.12)
      System.Reflection (>= 4.1.0)
      System.Reflection.Extensions (>= 4.0.1)
      System.Resources.ResourceManager (>= 4.0.1)
      System.Runtime (>= 4.1.0)
      System.Runtime.Extensions (>= 4.1.0)
      System.Runtime.Serialization.Primitives (>= 4.1.1)
      System.Text.Encoding (>= 4.0.11)
      System.Text.Encoding.Extensions (>= 4.0.11)
      System.Text.RegularExpressions (>= 4.1.0)
      System.Threading (>= 4.0.11)
      System.Threading.Tasks (>= 4.0.11)
      System.Xml.ReaderWriter (>= 4.0.11)
      System.Xml.XDocument (>= 4.0.11)
    runtime.native.System (4.0.0)
      Microsoft.NETCore.Platforms (>= 1.0.1)
      Microsoft.NETCore.Targets (>= 1.0.1)
    runtime.native.System.Security.Cryptography (4.0.0)
      Microsoft.NETCore.Platforms (>= 1.0.1)
      Microsoft.NETCore.Targets (>= 1.0.1)
    SSH.NET (2016.0.0)
      Microsoft.CSharp (>= 4.0.1)
      SshNet.Security.Cryptography (1.2.0)
      System.Diagnostics.Debug (>= 4.0.11)
      System.Diagnostics.Tools (>= 4.0.1)
      System.Diagnostics.TraceSource (>= 4.0.0)
      System.Globalization (>= 4.0.11)
      System.IO (>= 4.1.0)
      System.IO.FileSystem (>= 4.0.1)
      System.IO.FileSystem.Primitives (>= 4.0.1)
      System.Linq (>= 4.1.0)
      System.Net.NameResolution (>= 4.0.0)
      System.Net.Sockets (>= 4.1.0)
      System.Reflection.Extensions (>= 4.0.1)
      System.Runtime.Extensions (>= 4.1.0)
      System.Security.Cryptography.Algorithms (>= 4.2.0)
      System.Text.RegularExpressions (>= 4.1.0)
      System.Threading (>= 4.0.11)
      System.Threading.Thread (>= 4.0.0)
      System.Threading.ThreadPool (>= 4.0.10)
      System.Threading.Timer (>= 4.0.1)
      System.Xml.XmlDocument (>= 4.0.1)
      System.Xml.XPath.XmlDocument (>= 4.0.1)
    SshNet.Security.Cryptography (1.2.0)
      System.IO (>= 4.1.0)
      System.Security.Cryptography.Primitives (>= 4.0.0)
    System.Collections (4.0.11)
      Microsoft.NETCore.Platforms (>= 1.0.1)
      Microsoft.NETCore.Targets (>= 1.0.1)
      System.Runtime (>= 4.1.0)
    System.Collections.Concurrent (4.0.12)
      System.Collections (>= 4.0.11)
      System.Diagnostics.Debug (>= 4.0.11)
      System.Diagnostics.Tracing (>= 4.1.0)
      System.Globalization (>= 4.0.11)
      System.Reflection (>= 4.1.0)
      System.Resources.ResourceManager (>= 4.0.1)
      System.Runtime (>= 4.1.0)
      System.Runtime.Extensions (>= 4.1.0)
      System.Threading (>= 4.0.11)
      System.Threading.Tasks (>= 4.0.11)
    System.Collections.Immutable (1.2.0)
      System.Collections (>= 4.0.11)
      System.Diagnostics.Debug (>= 4.0.11)
      System.Globalization (>= 4.0.11)
      System.Linq (>= 4.1.0)
      System.Resources.ResourceManager (>= 4.0.1)
      System.Runtime (>= 4.1.0)
      System.Runtime.Extensions (>= 4.1.0)
      System.Threading (>= 4.0.11)
    System.Diagnostics.Contracts (4.0.1) - framework: dnxcore50
      System.Runtime (>= 4.1.0)
    System.Diagnostics.Debug (4.0.11)
      Microsoft.NETCore.Platforms (>= 1.0.1)
      Microsoft.NETCore.Targets (>= 1.0.1)
      System.Runtime (>= 4.1.0)
    System.Diagnostics.Tools (4.0.1)
      Microsoft.NETCore.Platforms (>= 1.0.1)
      Microsoft.NETCore.Targets (>= 1.0.1)
      System.Runtime (>= 4.1.0)
    System.Diagnostics.TraceSource (4.0.0)
      Microsoft.NETCore.Platforms (>= 1.0.1)
      runtime.native.System (>= 4.0.0)
      System.Collections (>= 4.0.11)
      System.Diagnostics.Debug (>= 4.0.11)
      System.Globalization (>= 4.0.11)
      System.Resources.ResourceManager (>= 4.0.1)
      System.Runtime (>= 4.1.0)
      System.Runtime.Extensions (>= 4.1.0)
      System.Threading (>= 4.0.11)
    System.Diagnostics.Tracing (4.1.0)
      Microsoft.NETCore.Platforms (>= 1.0.1)
      Microsoft.NETCore.Targets (>= 1.0.1)
      System.Runtime (>= 4.1.0)
    System.Dynamic.Runtime (4.0.11)
      System.Collections (>= 4.0.11)
      System.Diagnostics.Debug (>= 4.0.11)
      System.Globalization (>= 4.0.11)
      System.Linq (>= 4.1.0)
      System.Linq.Expressions (>= 4.1.0)
      System.ObjectModel (>= 4.0.12)
      System.Reflection (>= 4.1.0)
      System.Reflection.Emit (>= 4.0.1)
      System.Reflection.Emit.ILGeneration (>= 4.0.1)
      System.Reflection.Primitives (>= 4.0.1)
      System.Reflection.TypeExtensions (>= 4.1.0)
      System.Resources.ResourceManager (>= 4.0.1)
      System.Runtime (>= 4.1.0)
      System.Runtime.Extensions (>= 4.1.0)
      System.Threading (>= 4.0.11)
    System.Globalization (4.0.11)
      Microsoft.NETCore.Platforms (>= 1.0.1)
      Microsoft.NETCore.Targets (>= 1.0.1)
      System.Runtime (>= 4.1.0)
    System.IO (4.1.0)
      Microsoft.NETCore.Platforms (>= 1.0.1)
      Microsoft.NETCore.Targets (>= 1.0.1)
      System.Runtime (>= 4.1.0)
      System.Text.Encoding (>= 4.0.11)
      System.Threading.Tasks (>= 4.0.11)
    System.IO.FileSystem (4.0.1)
      Microsoft.NETCore.Platforms (>= 1.0.1)
      Microsoft.NETCore.Targets (>= 1.0.1)
      System.IO (>= 4.1.0)
      System.IO.FileSystem.Primitives (>= 4.0.1)
      System.Runtime (>= 4.1.0)
      System.Runtime.Handles (>= 4.0.1)
      System.Text.Encoding (>= 4.0.11)
      System.Threading.Tasks (>= 4.0.11)
    System.IO.FileSystem.Primitives (4.0.1)
      System.Runtime (>= 4.1.0)
    System.Linq (4.1.0)
      System.Collections (>= 4.0.11)
      System.Diagnostics.Debug (>= 4.0.11)
      System.Resources.ResourceManager (>= 4.0.1)
      System.Runtime (>= 4.1.0)
      System.Runtime.Extensions (>= 4.1.0)
    System.Linq.Expressions (4.1.0)
      System.Collections (>= 4.0.11)
      System.Diagnostics.Debug (>= 4.0.11)
      System.Globalization (>= 4.0.11)
      System.IO (>= 4.1.0)
      System.Linq (>= 4.1.0)
      System.ObjectModel (>= 4.0.12)
      System.Reflection (>= 4.1.0)
      System.Reflection.Emit (>= 4.0.1)
      System.Reflection.Emit.ILGeneration (>= 4.0.1)
      System.Reflection.Emit.Lightweight (>= 4.0.1)
      System.Reflection.Extensions (>= 4.0.1)
      System.Reflection.Primitives (>= 4.0.1)
      System.Reflection.TypeExtensions (>= 4.1.0)
      System.Resources.ResourceManager (>= 4.0.1)
      System.Runtime (>= 4.1.0)
      System.Runtime.Extensions (>= 4.1.0)
      System.Threading (>= 4.0.11)
    System.Net.NameResolution (4.0.0)
      Microsoft.NETCore.Platforms (>= 1.0.1)
      runtime.native.System (>= 4.0.0)
      System.Collections (>= 4.0.11)
      System.Diagnostics.Tracing (>= 4.1.0)
      System.Globalization (>= 4.0.11)
      System.Net.Primitives (>= 4.0.11)
      System.Resources.ResourceManager (>= 4.0.1)
      System.Runtime (>= 4.1.0)
      System.Runtime.Extensions (>= 4.1.0)
      System.Runtime.Handles (>= 4.0.1)
      System.Runtime.InteropServices (>= 4.1.0)
      System.Security.Principal.Windows (>= 4.0.0)
      System.Threading (>= 4.0.11)
      System.Threading.Tasks (>= 4.0.11)
    System.Net.Primitives (4.0.11)
      Microsoft.NETCore.Platforms (>= 1.0.1)
      Microsoft.NETCore.Targets (>= 1.0.1)
      System.Runtime (>= 4.1.0)
      System.Runtime.Handles (>= 4.0.1)
    System.Net.Sockets (4.1.0)
      Microsoft.NETCore.Platforms (>= 1.0.1)
      Microsoft.NETCore.Targets (>= 1.0.1)
      System.IO (>= 4.1.0)
      System.Net.Primitives (>= 4.0.11)
      System.Runtime (>= 4.1.0)
      System.Threading.Tasks (>= 4.0.11)
    System.ObjectModel (4.0.12)
      System.Collections (>= 4.0.11)
      System.Diagnostics.Debug (>= 4.0.11)
      System.Resources.ResourceManager (>= 4.0.1)
      System.Runtime (>= 4.1.0)
      System.Threading (>= 4.0.11)
    System.Reflection (4.1.0)
      Microsoft.NETCore.Platforms (>= 1.0.1)
      Microsoft.NETCore.Targets (>= 1.0.1)
      System.IO (>= 4.1.0)
      System.Reflection.Primitives (>= 4.0.1)
      System.Runtime (>= 4.1.0)
    System.Reflection.Emit (4.0.1)
      System.IO (>= 4.1.0)
      System.Reflection (>= 4.1.0)
      System.Reflection.Emit.ILGeneration (>= 4.0.1)
      System.Reflection.Primitives (>= 4.0.1)
      System.Runtime (>= 4.1.0)
    System.Reflection.Emit.ILGeneration (4.0.1)
      System.Reflection (>= 4.1.0)
      System.Reflection.Primitives (>= 4.0.1)
      System.Runtime (>= 4.1.0)
    System.Reflection.Emit.Lightweight (4.0.1)
      System.Reflection (>= 4.1.0)
      System.Reflection.Emit.ILGeneration (>= 4.0.1)
      System.Reflection.Primitives (>= 4.0.1)
      System.Runtime (>= 4.1.0)
    System.Reflection.Extensions (4.0.1)
      Microsoft.NETCore.Platforms (>= 1.0.1)
      Microsoft.NETCore.Targets (>= 1.0.1)
      System.Reflection (>= 4.1.0)
      System.Runtime (>= 4.1.0)
    System.Reflection.Primitives (4.0.1)
      Microsoft.NETCore.Platforms (>= 1.0.1)
      Microsoft.NETCore.Targets (>= 1.0.1)
      System.Runtime (>= 4.1.0)
    System.Reflection.TypeExtensions (4.1.0)
      System.Diagnostics.Contracts (>= 4.0.1) - framework: dnxcore50
      System.Diagnostics.Debug (>= 4.0.11) - framework: dnxcore50
      System.Linq (>= 4.1.0) - framework: dnxcore50
      System.Reflection (>= 4.1.0)
      System.Reflection.Primitives (>= 4.0.1) - framework: dnxcore50
      System.Resources.ResourceManager (>= 4.0.1) - framework: dnxcore50
      System.Runtime (>= 4.1.0)
      System.Runtime.Extensions (>= 4.1.0) - framework: dnxcore50
    System.Resources.ResourceManager (4.0.1)
      Microsoft.NETCore.Platforms (>= 1.0.1)
      Microsoft.NETCore.Targets (>= 1.0.1)
      System.Globalization (>= 4.0.11)
      System.Reflection (>= 4.1.0)
      System.Runtime (>= 4.1.0)
    System.Runtime (4.1.0)
      Microsoft.NETCore.Platforms (>= 1.0.1)
      Microsoft.NETCore.Targets (>= 1.0.1)
    System.Runtime.Extensions (4.1.0)
      Microsoft.NETCore.Platforms (>= 1.0.1)
      Microsoft.NETCore.Targets (>= 1.0.1)
      System.Runtime (>= 4.1.0)
    System.Runtime.Handles (4.0.1)
      Microsoft.NETCore.Platforms (>= 1.0.1)
      Microsoft.NETCore.Targets (>= 1.0.1)
      System.Runtime (>= 4.1.0)
    System.Runtime.InteropServices (4.1.0)
      Microsoft.NETCore.Platforms (>= 1.0.1)
      Microsoft.NETCore.Targets (>= 1.0.1)
      System.Reflection (>= 4.1.0)
      System.Reflection.Primitives (>= 4.0.1)
      System.Runtime (>= 4.1.0)
      System.Runtime.Handles (>= 4.0.1)
    System.Runtime.Numerics (4.0.1)
      System.Globalization (>= 4.0.11)
      System.Resources.ResourceManager (>= 4.0.1)
      System.Runtime (>= 4.1.0)
      System.Runtime.Extensions (>= 4.1.0)
    System.Runtime.Serialization.Primitives (4.1.1)
      System.Resources.ResourceManager (>= 4.0.1)
      System.Runtime (>= 4.1.0)
    System.Security.Claims (4.0.1)
      System.Collections (>= 4.0.11)
      System.Globalization (>= 4.0.11)
      System.IO (>= 4.1.0)
      System.Resources.ResourceManager (>= 4.0.1)
      System.Runtime (>= 4.1.0)
      System.Runtime.Extensions (>= 4.1.0)
      System.Security.Principal (>= 4.0.1)
    System.Security.Cryptography.Algorithms (4.2.0)
      Microsoft.NETCore.Platforms (>= 1.0.1)
      runtime.native.System.Security.Cryptography (>= 4.0.0)
      System.Collections (>= 4.0.11)
      System.IO (>= 4.1.0)
      System.Resources.ResourceManager (>= 4.0.1)
      System.Runtime (>= 4.1.0)
      System.Runtime.Extensions (>= 4.1.0)
      System.Runtime.Handles (>= 4.0.1)
      System.Runtime.InteropServices (>= 4.1.0)
      System.Runtime.Numerics (>= 4.0.1)
      System.Security.Cryptography.Encoding (>= 4.0.0)
      System.Security.Cryptography.Primitives (>= 4.0.0)
      System.Text.Encoding (>= 4.0.11)
    System.Security.Cryptography.Encoding (4.0.0)
      Microsoft.NETCore.Platforms (>= 1.0.1)
      runtime.native.System.Security.Cryptography (>= 4.0.0)
      System.Collections (>= 4.0.11)
      System.Collections.Concurrent (>= 4.0.12)
      System.Linq (>= 4.1.0)
      System.Resources.ResourceManager (>= 4.0.1)
      System.Runtime (>= 4.1.0)
      System.Runtime.Extensions (>= 4.1.0)
      System.Runtime.Handles (>= 4.0.1)
      System.Runtime.InteropServices (>= 4.1.0)
      System.Security.Cryptography.Primitives (>= 4.0.0)
      System.Text.Encoding (>= 4.0.11)
    System.Security.Cryptography.Primitives (4.0.0)
      System.Diagnostics.Debug (>= 4.0.11)
      System.Globalization (>= 4.0.11)
      System.IO (>= 4.1.0)
      System.Resources.ResourceManager (>= 4.0.1)
      System.Runtime (>= 4.1.0)
      System.Threading (>= 4.0.11)
      System.Threading.Tasks (>= 4.0.11)
    System.Security.Principal (4.0.1)
      System.Runtime (>= 4.1.0)
    System.Security.Principal.Windows (4.0.0)
      Microsoft.NETCore.Platforms (>= 1.0.1)
      Microsoft.Win32.Primitives (>= 4.0.1)
      System.Collections (>= 4.0.11)
      System.Diagnostics.Debug (>= 4.0.11)
      System.Reflection (>= 4.1.0)
      System.Resources.ResourceManager (>= 4.0.1)
      System.Runtime (>= 4.1.0)
      System.Runtime.Extensions (>= 4.1.0)
      System.Runtime.Handles (>= 4.0.1)
      System.Runtime.InteropServices (>= 4.1.0)
      System.Security.Claims (>= 4.0.1)
      System.Security.Principal (>= 4.0.1)
      System.Text.Encoding (>= 4.0.11)
      System.Threading (>= 4.0.11)
    System.Text.Encoding (4.0.11)
      Microsoft.NETCore.Platforms (>= 1.0.1)
      Microsoft.NETCore.Targets (>= 1.0.1)
      System.Runtime (>= 4.1.0)
    System.Text.Encoding.Extensions (4.0.11)
      Microsoft.NETCore.Platforms (>= 1.0.1)
      Microsoft.NETCore.Targets (>= 1.0.1)
      System.Runtime (>= 4.1.0)
      System.Text.Encoding (>= 4.0.11)
    System.Text.RegularExpressions (4.1.0)
      System.Collections (>= 4.0.11)
      System.Globalization (>= 4.0.11)
      System.Resources.ResourceManager (>= 4.0.1)
      System.Runtime (>= 4.1.0)
      System.Runtime.Extensions (>= 4.1.0)
      System.Threading (>= 4.0.11)
    System.Threading (4.0.11)
      System.Runtime (>= 4.1.0)
      System.Threading.Tasks (>= 4.0.11)
    System.Threading.Tasks (4.0.11)
      Microsoft.NETCore.Platforms (>= 1.0.1)
      Microsoft.NETCore.Targets (>= 1.0.1)
      System.Runtime (>= 4.1.0)
    System.Threading.Tasks.Extensions (4.0.0)
      System.Collections (>= 4.0.11)
      System.Runtime (>= 4.1.0)
      System.Threading.Tasks (>= 4.0.11)
    System.Threading.Thread (4.0.0)
      System.Runtime (>= 4.1.0)
    System.Threading.ThreadPool (4.0.10)
      System.Runtime (>= 4.1.0)
      System.Runtime.Handles (>= 4.0.1)
    System.Threading.Timer (4.0.1)
      Microsoft.NETCore.Platforms (>= 1.0.1)
      Microsoft.NETCore.Targets (>= 1.0.1)
      System.Runtime (>= 4.1.0)
    System.Xml.ReaderWriter (4.0.11)
      System.Collections (>= 4.0.11)
      System.Diagnostics.Debug (>= 4.0.11)
      System.Globalization (>= 4.0.11)
      System.IO (>= 4.1.0)
      System.IO.FileSystem (>= 4.0.1)
      System.IO.FileSystem.Primitives (>= 4.0.1)
      System.Resources.ResourceManager (>= 4.0.1)
      System.Runtime (>= 4.1.0)
      System.Runtime.Extensions (>= 4.1.0)
      System.Runtime.InteropServices (>= 4.1.0)
      System.Text.Encoding (>= 4.0.11)
      System.Text.Encoding.Extensions (>= 4.0.11)
      System.Text.RegularExpressions (>= 4.1.0)
      System.Threading.Tasks (>= 4.0.11)
      System.Threading.Tasks.Extensions (>= 4.0.0)
    System.Xml.XDocument (4.0.11)
      System.Collections (>= 4.0.11)
      System.Diagnostics.Debug (>= 4.0.11)
      System.Diagnostics.Tools (>= 4.0.1)
      System.Globalization (>= 4.0.11)
      System.IO (>= 4.1.0)
      System.Reflection (>= 4.1.0)
      System.Resources.ResourceManager (>= 4.0.1)
      System.Runtime (>= 4.1.0)
      System.Runtime.Extensions (>= 4.1.0)
      System.Text.Encoding (>= 4.0.11)
      System.Threading (>= 4.0.11)
      System.Xml.ReaderWriter (>= 4.0.11)
    System.Xml.XmlDocument (4.0.1)
      System.Collections (>= 4.0.11)
      System.Diagnostics.Debug (>= 4.0.11)
      System.Globalization (>= 4.0.11)
      System.IO (>= 4.1.0)
      System.Resources.ResourceManager (>= 4.0.1)
      System.Runtime (>= 4.1.0)
      System.Runtime.Extensions (>= 4.1.0)
      System.Text.Encoding (>= 4.0.11)
      System.Threading (>= 4.0.11)
      System.Xml.ReaderWriter (>= 4.0.11)
    System.Xml.XPath (4.0.1)
      System.Collections (>= 4.0.11)
      System.Diagnostics.Debug (>= 4.0.11)
      System.Globalization (>= 4.0.11)
      System.IO (>= 4.1.0)
      System.Resources.ResourceManager (>= 4.0.1)
      System.Runtime (>= 4.1.0)
      System.Runtime.Extensions (>= 4.1.0)
      System.Threading (>= 4.0.11)
      System.Xml.ReaderWriter (>= 4.0.11)
    System.Xml.XPath.XmlDocument (4.0.1)
      System.Collections (>= 4.0.11)
      System.Globalization (>= 4.0.11)
      System.IO (>= 4.1.0)
      System.Resources.ResourceManager (>= 4.0.1)
      System.Runtime (>= 4.1.0)
      System.Runtime.Extensions (>= 4.1.0)
      System.Threading (>= 4.0.11)
      System.Xml.ReaderWriter (>= 4.0.11)
      System.Xml.XmlDocument (>= 4.0.1)
      System.Xml.XPath (>= 4.0.1)
    Wire (0.0.6)
